GEM
  remote: https://rubygems.org/
  specs:
    atoulme-Antwrap (0.7.4)
      rjb (>= 1.0.3)
    builder (3.2.2)
    buildr (1.4.15)
      atoulme-Antwrap (~> 0.7.4)
      builder (= 3.2.2)
      bundler
      diff-lcs (= 1.2.4)
      hoe (= 3.7.1)
      json_pure (= 1.8.0)
      minitar (= 0.5.4)
      net-sftp (= 2.1.2)
      net-ssh (= 2.7.0)
      orderedhash
      rake (= 0.9.2.2)
      rjb (= 1.4.8)
      rspec (= 2.14.1)
      rspec-core (= 2.14.5)
      rspec-expectations (= 2.14.3)
      rspec-mocks (= 2.14.3)
      rubyforge (= 2.0.4)
      rubyzip (= 0.9.9)
      xml-simple (= 1.1.2)
    diff-lcs (1.2.4)
    faker (1.2.0)
      i18n (~> 0.5)
    hoe (3.7.1)
      rake (>= 0.8, < 11.0)
    i18n (0.6.9)
    json_pure (1.8.0)
    minitar (0.5.4)
    net-sftp (2.1.2)
      net-ssh (>= 2.6.5)
    net-ssh (2.7.0)
    orderedhash (0.0.6)
    rake (0.9.2.2)
    rjb (1.4.8)
    rspec (2.14.1)
      rspec-core (~> 2.14.0)
      rspec-expectations (~> 2.14.0)
      rspec-mocks (~> 2.14.0)
    rspec-core (2.14.5)
    rspec-expectations (2.14.3)
      diff-lcs (>= 1.1.3, < 2.0)
    rspec-mocks (2.14.3)
    rubyforge (2.0.4)
      json_pure (>= 1.1.7)
    rubyzip (0.9.9)
    xml-simple (1.1.2)

PLATFORMS
  ruby

DEPENDENCIES
  buildr
  faker
